GEM
  remote: https://rubygems.org/
  specs:
    awesome_print (1.8.0)
    concurrent-ruby (1.0.5)
    faker (1.8.7)
      i18n (>= 0.7)
    i18n (0.9.4)
      concurrent-ruby (~> 1.0)

PLATFORMS
  ruby

DEPENDENCIES
  awesome_print
  faker

BUNDLED WITH
   1.16.0.pre.3
